GEM
  remote: https://rubygems.org/
  specs:
    coderay (1.1.3)
    haml (5.2.1)
      temple (>= 0.8.0)
      tilt
    kgio (2.11.4)
    method_source (1.0.0)
    mustermann (1.1.1)
      ruby2_keywords (~> 0.0.1)
    nokogiri (1.11.7-x86_64-linux)
      racc (~> 1.4)
    pry (0.14.1)
      coderay (~> 1.1)
      method_source (~> 1.0)
    r18n-core (3.0.5)
    racc (1.5.2)
    rack (2.2.6.2)
    rack-protection (2.1.0)
      rack
    raindrops (0.19.2)
    ruby2_keywords (0.0.4)
    sinatra (2.1.0)
      mustermann (~> 1.0)
      rack (~> 2.2)
      rack-protection (= 2.1.0)
      tilt (~> 2.0)
    sinatra-paginate (0.1.0)
      sinatra
    sinatra-r18n (3.0.5)
      r18n-core (= 3.0.5)
      sinatra (>= 1.3)
    temple (0.8.2)
    tilt (2.0.10)
    unicorn (6.0.0)
      kgio (~> 2.6)
      raindrops (~> 0.7)
    webrick (1.7.0)

PLATFORMS
  x86_64-linux

DEPENDENCIES
  haml
  nokogiri
  pry
  sinatra
  sinatra-paginate
  sinatra-r18n (~> 3.0.3)
  unicorn
  webrick

BUNDLED WITH
   2.2.3
